GIT
  remote: https://github.com/sneakers-the-rat/jekyll-scholar
  revision: b91e53f9e16f4ae43f295f7a9f0d422cc6761bf2
  branch: cache
  specs:
    jekyll-scholar (7.0.0)
      bibtex-ruby (~> 6.0)
      citeproc-ruby (~> 1.0)
      csl-styles (~> 1.0)
      jekyll (~> 4.0)

GEM
  remote: https://rubygems.org/
  specs:
    addressable (2.8.1)
      public_suffix (>= 2.0.2, < 6.0)
    bibtex-ruby (6.0.0)
      latex-decode (~> 0.0)
    citeproc (1.0.10)
      namae (~> 1.0)
    citeproc-ruby (1.1.14)
      citeproc (~> 1.0, >= 1.0.9)
      csl (~> 1.6)
    colorator (1.1.0)
    concurrent-ruby (1.2.2)
    csl (1.6.0)
      namae (~> 1.0)
      rexml
    csl-styles (1.0.1.11)
      csl (~> 1.0)
    em-websocket (0.5.3)
      eventmachine (>= 0.12.9)
      http_parser.rb (~> 0)
    eventmachine (1.2.7)
    ffi (1.15.5)
    forwardable-extended (2.6.0)
    http_parser.rb (0.8.0)
    i18n (1.12.0)
      concurrent-ruby (~> 1.0)
    jekyll (4.2.2)
      addressable (~> 2.4)
      colorator (~> 1.0)
      em-websocket (~> 0.5)
      i18n (~> 1.0)
      jekyll-sass-converter (~> 2.0)
      jekyll-watch (~> 2.0)
      kramdown (~> 2.3)
      kramdown-parser-gfm (~> 1.0)
      liquid (~> 4.0)
      mercenary (~> 0.4.0)
      pathutil (~> 0.9)
      rouge (~> 3.0)
      safe_yaml (~> 1.0)
      terminal-table (~> 2.0)
    jekyll-feed (0.17.0)
      jekyll (>= 3.7, < 5.0)
    jekyll-paginate (1.1.0)
    jekyll-sass-converter (2.2.0)
      sassc (> 2.0.1, < 3.0)
    jekyll-seo-tag (2.8.0)
      jekyll (>= 3.8, < 5.0)
    jekyll-watch (2.2.1)
      listen (~> 3.0)
    kramdown (2.4.0)
      rexml
    kramdown-parser-gfm (1.1.0)
      kramdown (~> 2.0)
    latex-decode (0.4.0)
    liquid (4.0.4)
    liquid_reading_time (1.1.3)
      liquid (>= 2.6, < 5.0)
      nokogiri (~> 1.6)
    listen (3.8.0)
      rb-fsevent (~> 0.10, >= 0.10.3)
      rb-inotify (~> 0.9, >= 0.9.10)
    mercenary (0.4.0)
    minima (2.5.1)
      jekyll (>= 3.5, < 5.0)
      jekyll-feed (~> 0.9)
      jekyll-seo-tag (~> 2.1)
    namae (1.1.1)
    nokogiri (1.14.2-x86_64-darwin)
      racc (~> 1.4)
    pathutil (0.16.2)
      forwardable-extended (~> 2.6)
    profile (0.4.0)
    public_suffix (5.0.1)
    racc (1.6.2)
    rb-fsevent (0.11.2)
    rb-inotify (0.10.1)
      ffi (~> 1.0)
    rexml (3.2.5)
    rouge (3.30.0)
    ruby-prof (0.18.0)
    ruby-prof-flamegraph (0.3.0)
      ruby-prof (~> 0.13)
    safe_yaml (1.0.5)
    sassc (2.4.0)
      ffi (~> 1.9)
    tale (0.2.3)
      jekyll (~> 4.0)
      jekyll-feed (~> 0.10)
      jekyll-paginate (~> 1.1)
      jekyll-seo-tag (~> 2.5)
    terminal-table (2.0.0)
      unicode-display_width (~> 1.1, >= 1.1.1)
    unicode-display_width (1.8.0)
    webrick (1.8.1)

PLATFORMS
  x86_64-darwin-21

DEPENDENCIES
  jekyll (~> 4.2.0)
  jekyll-scholar!
  jekyll-seo-tag
  liquid_reading_time
  minima (~> 2.5)
  profile
  ruby-prof-flamegraph
  tale
  tzinfo (~> 1.2)
  tzinfo-data
  wdm (~> 0.1.1)
  webrick (~> 1.7)

BUNDLED WITH
   2.3.11
